GEM
  remote: https://rubygems.org/
  specs:
    backports (3.8.0)
    builder (3.2.3)
    faraday (0.12.1)
      multipart-post (>= 1.2, < 3)
    jwt (1.5.6)
    kgio (2.11.0)
    multi_json (1.12.1)
    multipart-post (2.0.0)
    mustermann (1.0.0)
    rack (2.0.3)
    rack-protection (2.0.0)
      rack
    raindrops (0.18.0)
    sinatra (2.0.0)
      mustermann (~> 1.0)
      rack (~> 2.0)
      rack-protection (= 2.0.0)
      tilt (~> 2.0)
    sinatra-contrib (2.0.0)
      backports (>= 2.0)
      multi_json
      mustermann (~> 1.0)
      rack-protection (= 2.0.0)
      sinatra (= 2.0.0)
      tilt (>= 1.3, < 3)
    tilt (2.0.7)
    twilio-ruby (4.13.0)
      builder (>= 2.1.2)
      jwt (~> 1.0)
      multi_json (>= 1.3.0)
    unicorn (5.3.0)
      kgio (~> 2.6)
      raindrops (~> 0.7)

PLATFORMS
  ruby

DEPENDENCIES
  faraday
  sinatra
  sinatra-contrib
  twilio-ruby
  unicorn

BUNDLED WITH
   1.14.6
